GIT
  remote: https://github.com/degzcs/sinatra-strong-params.git
  revision: e52d09e2f2fbf815933bdb78a25ce62cd8ee18a1
  specs:
    sinatra-strong-params (0.0.3)
      sinatra (>= 1.4.0)

GEM
  remote: https://rubygems.org/
  specs:
    awesome_print (1.8.0)
    backports (3.15.0)
    byebug (11.0.1)
    coderay (1.1.2)
    database_cleaner (1.7.0)
    diff-lcs (1.3)
    figaro (1.1.1)
      thor (~> 0.14)
    method_source (0.9.2)
    multi_json (1.14.1)
    nio4r (2.5.2)
    pry (0.12.2)
      coderay (~> 1.1.0)
      method_source (~> 0.9.0)
    pry-byebug (3.7.0)
      byebug (~> 11.0)
      pry (~> 0.10)
    puma (4.3.0)
      nio4r (~> 2.0)
    rack (1.6.11)
    rack-protection (1.5.5)
      rack
    rack-test (1.1.0)
      rack (>= 1.0, < 3)
    rake (13.0.1)
    rspec (3.9.0)
      rspec-core (~> 3.9.0)
      rspec-expectations (~> 3.9.0)
      rspec-mocks (~> 3.9.0)
    rspec-core (3.9.0)
      rspec-support (~> 3.9.0)
    rspec-expectations (3.9.0)
      diff-lcs (>= 1.2.0, < 2.0)
      rspec-support (~> 3.9.0)
    rspec-mocks (3.9.0)
      diff-lcs (>= 1.2.0, < 2.0)
      rspec-support (~> 3.9.0)
    rspec-support (3.9.0)
    sequel (5.27.0)
    sinatra (1.4.8)
      rack (~> 1.5)
      rack-protection (~> 1.4)
      tilt (>= 1.3, < 3)
    sinatra-contrib (1.4.7)
      backports (>= 2.0)
      multi_json
      rack-protection
      rack-test
      sinatra (~> 1.4.0)
      tilt (>= 1.3, < 3)
    sinatra-rake-routes (0.0.4)
      rake
    sinatra-sequel (0.9.0)
      sequel (>= 3.2.0)
      sinatra (>= 0.9.4)
    sqlite3 (1.4.1)
    thor (0.20.3)
    tilt (2.0.10)

PLATFORMS
  ruby

DEPENDENCIES
  awesome_print
  database_cleaner
  figaro
  pry
  pry-byebug
  puma
  rspec
  sequel
  sinatra (~> 1.4)
  sinatra-contrib
  sinatra-rake-routes
  sinatra-sequel
  sinatra-strong-params!
  sqlite3

BUNDLED WITH
   1.16.1
